GEM
  remote: https://gems.ruby-china.org/
  specs:
    byebug (9.1.0)
    coderay (1.1.2)
    method_source (0.8.2)
    pry (0.10.4)
      coderay (~> 1.1.0)
      method_source (~> 0.8.1)
      slop (~> 3.4)
    pry-byebug (3.5.0)
      byebug (~> 9.1)
      pry (~> 0.10)
    rack (1.6.5)
    rack-protection (1.5.3)
      rack
    require_all (1.4.0)
    sinatra (1.4.8)
      rack (~> 1.5)
      rack-protection (~> 1.4)
      tilt (>= 1.3, < 3)
    slop (3.6.0)
    tilt (2.0.6)

PLATFORMS
  ruby

DEPENDENCIES
  pry
  pry-byebug
  require_all
  sinatra

BUNDLED WITH
   1.15.4
